GEM
  remote: https://rubygems.org/
  specs:
    RedCloth (4.2.9)
    actionmailer (2.3.4)
      actionpack (= 2.3.4)
    actionpack (2.3.4)
      activesupport (= 2.3.4)
      rack (~> 1.0.0)
    activerecord (2.3.4)
      activesupport (= 2.3.4)
    activeresource (2.3.4)
      activesupport (= 2.3.4)
    activesupport (2.3.4)
    haml (3.1.4)
    i18n (0.6.0)
    kgio (2.9.2)
    mysql (2.8.1)
    nokogiri (1.5.2)
    paperclip (2.3.1.1)
    rack (1.0.1)
    rails (2.3.4)
      actionmailer (= 2.3.4)
      actionpack (= 2.3.4)
      activerecord (= 2.3.4)
      activeresource (= 2.3.4)
      activesupport (= 2.3.4)
      rake (>= 0.8.3)
    raindrops (0.13.0)
    rake (0.8.7)
    rmagick (2.14.0)
    russian (0.6.0)
      i18n (>= 0.5.0)
    sanitize (2.0.3)
      nokogiri (>= 1.4.4, < 1.6)
    state_machine (1.1.2)
    subdomain-fu (1.0.0.beta2)
    unicorn (4.8.2)
      kgio (~> 2.6)
      rack
      raindrops (~> 0.7)

PLATFORMS
  ruby

DEPENDENCIES
  RedCloth (= 4.2.9)
  haml (= 3.1.4)
  i18n (= 0.6.0)
  mysql (= 2.8.1)
  nokogiri (= 1.5.2)
  paperclip (= 2.3.1.1)
  rails (= 2.3.4)
  rake (= 0.8.7)
  rmagick (= 2.14.0)
  russian (= 0.6.0)
  sanitize (= 2.0.3)
  state_machine (= 1.1.2)
  subdomain-fu (= 1.0.0.beta2)
  unicorn (= 4.8.2)
